GEM
  remote: https://rubygems.org/
  specs:
    lexr (0.4.0)
    math_engine (0.7.0)
      lexr (>= 0.4.0)

PLATFORMS
  ruby

DEPENDENCIES
  math_engine

BUNDLED WITH
   2.2.17
